GEM
  remote: http://rubygems.org/
  specs:
    addressable (2.3.6)
    autogc (0.0.3)
    builder (3.2.2)
    datet (0.0.25)
    diff-lcs (1.1.3)
    faraday (0.8.9)
      multipart-post (~> 1.2.0)
    ffi (1.9.3)
    gettext (3.1.3)
      locale (>= 2.0.5)
      text
    gir_ffi (0.7.5)
      ffi (~> 1.8)
      indentation (~> 0.1.1)
    gir_ffi-gtk (0.7.1)
      gir_ffi (~> 0.7.3)
    git (1.2.7)
    github_api (0.10.1)
      addressable
      faraday (~> 0.8.1)
      hashie (>= 1.2)
      multi_json (~> 1.4)
      nokogiri (~> 1.5.2)
      oauth2
    gtk3assist (0.0.9)
      gir_ffi-gtk
      xml-simple
    hashie (3.2.0)
    highline (1.6.21)
    http2 (0.0.32)
      string-cases (~> 0)
    indentation (0.1.1)
    jeweler (1.8.8)
      builder
      bundler (~> 1.0)
      git (>= 1.2.5)
      github_api (= 0.10.1)
      highline (>= 1.6.15)
      nokogiri (= 1.5.10)
      rake
      rdoc
    json (1.8.6)
    jwt (1.0.0)
    knjrbfw (0.0.113)
      datet
      http2
      php4r
      ruby_process
      tsafe
      wref (>= 0.0.8)
    locale (2.1.0)
    multi_json (1.10.1)
    multi_xml (0.5.5)
    multipart-post (1.2.0)
    nokogiri (1.5.10)
    oauth2 (1.0.0)
      faraday (>= 0.8, < 0.10)
      jwt (~> 1.0)
      multi_json (~> 1.3)
      multi_xml (~> 0.5)
      rack (~> 1.2)
    php4r (0.0.4)
      datet
      http2
      string-strtr
    rack (1.5.2)
    rake (10.3.2)
    rdoc (3.12.2)
      json (~> 1.4)
    rspec (2.8.0)
      rspec-core (~> 2.8.0)
      rspec-expectations (~> 2.8.0)
      rspec-mocks (~> 2.8.0)
    rspec-core (2.8.0)
    rspec-expectations (2.8.0)
      diff-lcs (~> 1.1.2)
    rspec-mocks (2.8.0)
    ruby_process (0.0.13)
      string-cases
      tsafe
      wref
    string-cases (0.0.4)
    string-strtr (0.0.3)
    text (1.3.0)
    tsafe (0.0.12)
    wref (0.0.8)
    xml-simple (1.1.4)

PLATFORMS
  ruby

DEPENDENCIES
  autogc
  bundler (>= 1.0.0)
  gettext
  gir_ffi
  gtk3assist
  jeweler (~> 1.8.3)
  knjrbfw (>= 0.0.113)
  rdoc (~> 3.12)
  rspec (~> 2.8.0)
  wref (>= 0.0.8)

BUNDLED WITH
   1.16.1
