GEM
  remote: http://rubygems.org/
  specs:
    addressable (2.5.2)
      public_suffix (>= 2.0.2, < 4.0)
    autogc (0.0.3)
    builder (3.2.3)
    datet (0.0.25)
    diff-lcs (1.1.3)
    faraday (0.8.11)
      multipart-post (~> 1.2.0)
    ffi (1.9.23)
    ffi-bit_masks (0.1.1)
      ffi (~> 1.0)
    gettext (3.2.9)
      locale (>= 2.0.5)
      text (>= 1.3.0)
    gir_ffi (0.12.0)
      ffi (~> 1.8)
      ffi-bit_masks (~> 0.1.1)
      indentation (~> 0.1.1)
    gir_ffi-gtk (0.12.0)
      gir_ffi (~> 0.12.0)
    git (1.3.0)
    github_api (0.10.1)
      addressable
      faraday (~> 0.8.1)
      hashie (>= 1.2)
      multi_json (~> 1.4)
      nokogiri (~> 1.5.2)
      oauth2
    gtk3assist (0.0.9)
      gir_ffi-gtk
      xml-simple
    hashie (3.5.7)
    highline (1.7.10)
    http2 (0.0.32)
      string-cases (~> 0)
    indentation (0.1.1)
    jeweler (1.8.8)
      builder
      bundler (~> 1.0)
      git (>= 1.2.5)
      github_api (= 0.10.1)
      highline (>= 1.6.15)
      nokogiri (= 1.5.10)
      rake
      rdoc
    json (1.8.6)
    jwt (1.5.6)
    knjrbfw (0.0.110)
      datet
      http2
      php4r
      ruby_process
      tsafe
      wref
    locale (2.1.2)
    multi_json (1.13.1)
    multi_xml (0.6.0)
    multipart-post (1.2.0)
    nokogiri (1.5.10)
    oauth2 (1.4.0)
      faraday (>= 0.8, < 0.13)
      jwt (~> 1.0)
      multi_json (~> 1.3)
      multi_xml (~> 0.5)
      rack (>= 1.2, < 3)
    php4r (0.0.4)
      datet
      http2
      string-strtr
    public_suffix (3.0.2)
    rack (2.0.4)
    rake (12.3.1)
    rdoc (3.12.2)
      json (~> 1.4)
    rspec (2.8.0)
      rspec-core (~> 2.8.0)
      rspec-expectations (~> 2.8.0)
      rspec-mocks (~> 2.8.0)
    rspec-core (2.8.0)
    rspec-expectations (2.8.0)
      diff-lcs (~> 1.1.2)
    rspec-mocks (2.8.0)
    ruby_process (0.0.13)
      string-cases
      tsafe
      wref
    string-cases (0.0.4)
    string-strtr (0.0.3)
    text (1.3.1)
    tsafe (0.0.12)
    wref (0.0.6)
    xml-simple (1.1.5)

PLATFORMS
  ruby

DEPENDENCIES
  autogc
  bundler (>= 1.0.0)
  gettext
  gir_ffi
  gtk3assist
  jeweler (~> 1.8.3)
  knjrbfw (<= 0.0.110)
  rdoc (~> 3.12)
  rspec (~> 2.8.0)
  wref (<= 0.0.6)

BUNDLED WITH
   1.16.1
